GEM
  remote: https://rubygems.org/
  specs:
    breakpoint (2.0.7)
      compass (>= 0.12.1)
      sass (>= 3.2.0)
    chunky_png (1.3.1)
    color-schemer (0.2.8)
      compass-blend-modes (~> 0.0.2)
    compass (0.12.6)
      chunky_png (~> 1.2)
      fssm (>= 0.2.7)
      sass (~> 3.2.19)
    compass-aurora (3.0.9)
      breakpoint (~> 2.0.1)
      bundler (>= 1.3.5)
      compass (~> 0.12.2)
      compass-normalize (~> 1.4.3)
      sass (~> 3.2.14)
      sassy-buttons (~> 0.2.0)
      singularitygs (~> 1.1.2)
      toolkit (~> 1.2.2)
    compass-blend-modes (0.0.2)
      compass
    compass-normalize (1.4.3)
      compass (>= 0.12.0)
    fssm (0.2.10)
    jacket (1.0.0)
      compass (>= 0.12.2)
      sass (>= 3.2.0)
    sass (3.2.19)
    sassy-buttons (0.2.6)
      compass (>= 0.12.2)
    sassy-strings (1.0.0)
      compass (>= 0.12.2)
    singularitygs (1.1.2)
      breakpoint (>= 2.0.1)
      compass (>= 0.12.2)
      sass (>= 3.2.1)
    toolkit (1.2.2)
      breakpoint (>= 2.0.2)
      color-schemer (>= 0.2.3)
      compass (>= 0.12.2)
      sassy-strings (>= 0.1)
      singularitygs (>= 1.0.7)

PLATFORMS
  ruby

DEPENDENCIES
  compass-aurora (= 3.0.9)
  jacket
